GEM
  remote: https://rubygems.org/
  specs:
    mini_portile2 (2.3.0)
    mustermann (1.0.1)
    nokogiri (1.8.1-x64-mingw32)
      mini_portile2 (~> 2.3.0)
    nokogiri (1.8.1-x86-mingw32)
      mini_portile2 (~> 2.3.0)
    rack (2.0.3)
    rack-protection (2.0.0)
      rack
    sinatra (2.0.0)
      mustermann (~> 1.0)
      rack (~> 2.0)
      rack-protection (= 2.0.0)
      tilt (~> 2.0)
    tilt (2.0.8)

PLATFORMS
  x64-mingw32
  x86-mingw32

DEPENDENCIES
  nokogiri
  sinatra

BUNDLED WITH
   1.16.0
